{
	"Modality": "MR",
	"MagneticFieldStrength": 3,
	"ImagingFrequency": 123.259,
	"Manufacturer": "Siemens",
	"ManufacturersModelName": "Prisma_fit",
	"InstitutionName": "IUGM",
	"InstitutionalDepartmentName": "Department",
	"InstitutionAddress": "Chemin Queen-Mary 4565,Montreal,District,CA,H3W 1W5",
	"DeviceSerialNumber": "167006",
	"StationName": "MRC35049",
	"BodyPartExamined": "SPINE",
	"PatientPosition": "HFS",
	"ProcedureStepDescription": "spine^pmj",
	"SoftwareVersions": "syngo MR E11",
	"MRAcquisitionType": "3D",
	"SeriesDescription": "T2w_0.6mm_headUp",
	"ProtocolName": "T2w_0.6mm_headUp",
	"ScanningSequence": "SE",
	"SequenceVariant": "SK\\SP\\OSP",
	"ScanOptions": "PFP",
	"SequenceName": "*spcR_100",
	"ImageType": ["ORIGINAL", "PRIMARY", "M", "NORM", "DIS3D", "DIS2D"],
	"SeriesNumber": 6,
	"AcquisitionTime": "12:59:23.007500",
	"AcquisitionNumber": 1,
	"SliceThickness": 0.6,
	"SAR": 0.515356,
	"NumberOfAverages": 2,
	"EchoTime": 0.12,
	"RepetitionTime": 1.5,
	"SpoilingState": true,
	"FlipAngle": 120,
	"AveragesDouble": 1.4,
	"PartialFourier": 1,
	"BaseResolution": 384,
	"ShimSetting": [
		608,
		-7322,
		-9132,
		-374,
		171,
		-78,
		380,
		-53	],
	"TxRefAmp": 271.139,
	"PhaseResolution": 1,
	"PhaseOversampling": 0.8,
	"ReceiveCoilName": "Spine_32",
	"ReceiveCoilActiveElements": "HC3-7;NC1,2;SP1",
	"PulseSequenceDetails": "%SiemensSeq%\\tse_vfl",
	"RefLinesPE": 32,
	"CoilCombinationMethod": "Adaptive Combine",
	"ConsistencyInfo": "N4_VE11C_LATEST_20160120",
	"MatrixCoilMode": "GRAPPA",
	"PercentPhaseFOV": 100,
	"PercentSampling": 100,
	"EchoTrainLength": 73,
	"PhaseEncodingSteps": 486,
	"AcquisitionMatrixPE": 384,
	"ReconMatrixPE": 384,
	"ParallelReductionFactorInPlane": 3,
	"PixelBandwidth": 620,
	"DwellTime": 2.1e-06,
	"PhaseEncodingDirection": "j-",
	"ImageOrientationPatientDICOM": [
		1.97e-13,
		1,
		4.893e-12,
		-0.0401318,
		4.897e-12,
		-0.999194	],
	"ImageOrientationText": "Sag>Tra(2.3)",
	"InPlanePhaseEncodingDirectionDICOM": "COL",
	"ConversionSoftware": "dcm2niix",
	"ConversionSoftwareVersion": "v1.0.20211006"
}
