{
	"Modality": "MR",
	"MagneticFieldStrength": 3,
	"ImagingFrequency": 123.259,
	"Manufacturer": "Siemens",
	"ManufacturersModelName": "Prisma_fit",
	"InstitutionName": "IUGM",
	"InstitutionalDepartmentName": "Department",
	"InstitutionAddress": "Chemin Queen-Mary 4565,Montreal,District,CA,H3W 1W5",
	"DeviceSerialNumber": "167006",
	"StationName": "MRC35049",
	"BodyPartExamined": "SPINE",
	"PatientPosition": "HFS",
	"ProcedureStepDescription": "spine^generic",
	"SoftwareVersions": "syngo MR E11",
	"MRAcquisitionType": "3D",
	"SeriesDescription": "T2w_0.7mm_headUp",
	"ProtocolName": "T2w_0.7mm_headUp",
	"ScanningSequence": "SE",
	"SequenceVariant": "SK\\SP\\OSP",
	"ScanOptions": "PFP",
	"SequenceName": "*spcR_100",
	"ImageType": ["ORIGINAL", "PRIMARY", "M", "NORM", "DIS3D", "DIS2D"],
	"SeriesNumber": 3,
	"AcquisitionTime": "12:24:30.072500",
	"AcquisitionNumber": 1,
	"SliceThickness": 0.7,
	"SAR": 0.412448,
	"NumberOfAverages": 2,
	"EchoTime": 0.121,
	"RepetitionTime": 1.5,
	"SpoilingState": true,
	"FlipAngle": 120,
	"AveragesDouble": 1.4,
	"PartialFourier": 1,
	"BaseResolution": 320,
	"ShimSetting": [
		565,
		-7245,
		-9003,
		-252,
		-64,
		-183,
		752,
		-276	],
	"TxRefAmp": 230.621,
	"PhaseResolution": 1,
	"PhaseOversampling": 0.8,
	"ReceiveCoilName": "HeadNeck_64",
	"ReceiveCoilActiveElements": "HC3-7;NC1,2",
	"PulseSequenceDetails": "%SiemensSeq%\\tse_vfl",
	"RefLinesPE": 32,
	"CoilCombinationMethod": "Adaptive Combine",
	"ConsistencyInfo": "N4_VE11C_LATEST_20160120",
	"MatrixCoilMode": "GRAPPA",
	"PercentPhaseFOV": 100,
	"PercentSampling": 100,
	"EchoTrainLength": 75,
	"PhaseEncodingSteps": 416,
	"AcquisitionMatrixPE": 320,
	"ReconMatrixPE": 320,
	"ParallelReductionFactorInPlane": 3,
	"PixelBandwidth": 625,
	"DwellTime": 2.5e-06,
	"PhaseEncodingDirection": "j-",
	"ImageOrientationPatientDICOM": [
		-4.27e-13,
		1,
		4.878e-12,
		0.0871557,
		4.897e-12,
		-0.996195	],
	"ImageOrientationText": "Sag>Tra(-5.0)",
	"InPlanePhaseEncodingDirectionDICOM": "COL",
	"ConversionSoftware": "dcm2niix",
	"ConversionSoftwareVersion": "v1.0.20211006"
}
